[System]
Scanner=Skyscan1172
Instrument S/N=12O01199
Hardware version=F
Software=Version 1. 5 (build 26)
Home directory=c:\SkyScan1172F_11MP_Hamamatsu
Source Type=Hamamatsu 100/250
Camera=Hamamatsu C9300 11Mp camera
Camera Pixel Size (um)=    8.80
CameraXYRatio=0.9927
Incl.in lifting (um/mm)=3.0875
[User]
User Name=khoma
Computer Name=ANAKLIN18
[Acquisition]
Data directory=E:\doc\Catheters\Y\trial\proj
Filename Prefix=trial1
Configuration=E:\doc\Israel Heads\conf\head_config
Number of Files= 3602
Source Voltage (kV)=  49
Source Current (uA)= 200
Number of Rows= 2672
Number of Columns= 4000
Image crop origin X=   0
Image crop origin Y=0
Camera binning=1x1
Image Rotation=0.2300
Gantry direction=CC
Image Pixel Size (um)=    1.66
Object to Source (mm)=40.030
Camera to Source (mm)=212.399
Vertical Object Position (mm)=17.475
Optical Axis (line)=1486
Filter=No Filter
Image Format=TIFF
Depth (bits)=16
Screen LUT=0
Exposure (ms)=   870
Rotation Step (deg)=0.100
Frame Averaging=ON (3)
Random Movement=OFF (3)
Use 360 Rotation=YES
Geometrical Correction=ON
Camera Offset=OFF
Median Filtering=ON
Flat Field Correction=ON
Rotation Direction=CC
Scanning Trajectory=ROUND
Type Of Motion=STEP AND SHOOT
Study Date and Time=Jul 09, 2019  22:48:55
Scan duration=05:15:30
Maximum vertical TS=0.0
Maximum horizontal TS=4.0
TS modified at=July10,15:11:47 ---  3601 of 3601 projections
TS modified according to=G:\Oleksiy\Y\trial\proj\trial1_TS.csv
TS modified at level=0
[Reconstruction]
Reconstruction Program=NRecon
Program Version=Version: 1.7.4.2
Program Home Directory=C:\_AdminTools\NReconServerLocal64
Reconstruction engine=GPUReconServer
Engine version=Version: 1.7.4
Reconstruction from batch=No
Postalignment Applied=1
Postalignment=127.50
Reconstruction servers= ANAKLIN03 
Dataset Origin=Skyscan1172
Dataset Prefix=trial1
Dataset Directory=G:\Oleksiy\Y\trial\proj
Output Directory=G:\Oleksiy\Y\trial\rec
Time and Date=Jul 10, 2019  15:48:40
First Section=122
Last Section=2573
Reconstruction duration per slice (seconds)=0.810767
Total reconstruction time (2452 slices) in seconds=1988.000000
Section to Section Step=1
Sections Count=2452
Result File Type=PNG
Result File Header Length (bytes)=Unknown: compressed JPG format (100%)
Result Image Width (pixels)=2072
Result Image Height (pixels)=2072
Pixel Size (um)=1.65905
Reconstruction Angular Range (deg)=360.00
Use 180+=OFF
Angular Step (deg)=0.1000
Smoothing=8
Smoothing kernel=2 (Gaussian)
Ring Artifact Correction=10
Draw Scales=OFF
Object Bigger than FOV=OFF
Reconstruction from ROI=ON_ROUND
ROI Top (pixels)=3089
ROI Bottom (pixels)=1017
ROI Left (pixels)=1567
ROI Right (pixels)=3639
ROI reference length=4000
Filter cutoff relative to Nyquist frequency=100
Filter type=0
Filter type description=Hamming (Alpha=0.54)
Undersampling factor=1
Threshold for defect pixel mask (%)=0
Beam Hardening Correction (%)=0
CS Static Rotation (deg)=0.00
CS Static Rotation Total(deg)=0.00
Minimum for CS to Image Conversion=0.000000
Maximum for CS to Image Conversion=0.032072
HU Calibration=OFF
BMP LUT=0
Cone-beam Angle Horiz.(deg)=9.476846
Cone-beam Angle Vert.(deg)=6.338533
[File name convention]
Filename Index Length=4
Filename Prefix=trial1_rec
